GEM
  remote: https://rubygems.org/
  specs:
    actionpack (5.1.2)
      actionview (= 5.1.2)
      activesupport (= 5.1.2)
      rack (~> 2.0)
      rack-test (~> 0.6.3)
      rails-dom-testing (~> 2.0)
      rails-html-sanitizer (~> 1.0, >= 1.0.2)
    actionview (5.1.2)
      activesupport (= 5.1.2)
      builder (~> 3.1)
      erubi (~> 1.4)
      rails-dom-testing (~> 2.0)
      rails-html-sanitizer (~> 1.0, >= 1.0.3)
    activemodel (5.1.2)
      activesupport (= 5.1.2)
    activesupport (5.1.2)
      concurrent-ruby (~> 1.0, >= 1.0.2)
      i18n (~> 0.7)
      minitest (~> 5.1)
      tzinfo (~> 1.1)
    awesome_print (1.8.0)
    builder (3.2.3)
    colorize (0.8.1)
    concurrent-ruby (1.0.5)
    erubi (1.6.1)
    i18n (0.8.4)
    loofah (2.0.3)
      nokogiri (>= 1.5.9)
    mini_portile2 (2.2.0)
    minitest (5.10.2)
    nokogiri (1.8.0)
      mini_portile2 (~> 2.2.0)
    rack (2.0.3)
    rack-test (0.6.3)
      rack (>= 1.0)
    rails-dom-testing (2.0.3)
      activesupport (>= 4.2.0)
      nokogiri (>= 1.6)
    rails-html-sanitizer (1.0.3)
      loofah (~> 2.0)
    simple_form (3.5.0)
      actionpack (> 4, < 5.2)
      activemodel (> 4, < 5.2)
    thread_safe (0.3.6)
    tzinfo (1.2.3)
      thread_safe (~> 0.1)

PLATFORMS
  ruby

DEPENDENCIES
  awesome_print
  colorize
  simple_form

BUNDLED WITH
   1.15.1
